GEM
  remote: https://rubygems.org/
  specs:
    ruby-filemagic (0.7.2)
    rubyzip (1.2.1)

PLATFORMS
  ruby

DEPENDENCIES
  ruby-filemagic
  rubyzip

BUNDLED WITH
   1.16.1
